GIT
  remote: https://github.com/sectore/jekyll-swfobject
  revision: 0977a52b5f87508b3e8c6d8039b3731a94255168
  specs:
    jekyll-swfobject (1.0.1)
      jekyll (>= 1.2.1)

GEM
  remote: https://rubygems.org/
  specs:
    animation (0.1.alpha.3)
      compass (>= 0.12.0)
      sass (>= 3.2.0.alpha.95)
    breakpoint (1.3)
      compass (>= 0.12.1)
      sass (>= 3.2.0)
    chunky_png (1.2.8)
    classifier (1.3.3)
      fast-stemmer (>= 1.0.0)
    colorator (0.1)
    commander (4.1.5)
      highline (~> 1.6.11)
    compass (0.12.2)
      chunky_png (~> 1.2)
      fssm (>= 0.2.7)
      sass (~> 3.1)
    directory_watcher (1.4.1)
    fast-stemmer (1.0.2)
    fssm (0.2.10)
    highline (1.6.19)
    hike (1.2.3)
    jekyll (1.2.1)
      classifier (~> 1.3)
      colorator (~> 0.1)
      commander (~> 4.1.3)
      directory_watcher (~> 1.4.1)
      liquid (~> 2.5.2)
      maruku (~> 0.5)
      pygments.rb (~> 0.5.0)
      redcarpet (~> 2.3.0)
      safe_yaml (~> 0.7.0)
    jekyll-assets (0.7.2)
      jekyll (~> 1.0)
      sprockets (~> 2.10)
    liquid (2.5.2)
    maruku (0.7.0)
    multi_json (1.8.0)
    posix-spawn (0.3.6)
    pygments.rb (0.5.2)
      posix-spawn (~> 0.3.6)
      yajl-ruby (~> 1.1.0)
    rack (1.5.2)
    rdiscount (2.1.6)
    redcarpet (2.3.0)
    respond-to (2.6)
      breakpoint (>= 1.3)
    ruby-oembed (0.8.8)
    safe_yaml (0.7.1)
    sass (3.2.5)
    sprockets (2.10.0)
      hike (~> 1.2)
      multi_json (~> 1.0)
      rack (~> 1.0)
      tilt (~> 1.1, != 1.3.0)
    sprockets-sass (0.9.1)
      sprockets (~> 2.0)
      tilt (~> 1.1)
    susy (1.0)
      compass (>= 0.12.2)
      sass (>= 3.2.0)
    tilt (1.4.1)
    yajl-ruby (1.1.0)

PLATFORMS
  ruby

DEPENDENCIES
  animation
  compass (~> 0.12.2)
  jekyll (~> 1.2.1)
  jekyll-assets
  jekyll-swfobject!
  rdiscount
  respond-to
  ruby-oembed (= 0.8.8)
  sass (= 3.2.5)
  sprockets (~> 2.0)
  sprockets-sass (= 0.9.1)
  susy (= 1.0)
